GEM
  remote: https://rubygems.org/
  specs:
    addressable (2.3.8)
    coderay (1.1.0)
    cookiejar (0.3.2)
    em-http-request (1.1.2)
      addressable (>= 2.3.4)
      cookiejar
      em-socksify (>= 0.3)
      eventmachine (>= 1.0.3)
      http_parser.rb (>= 0.6.0)
    em-socksify (0.3.0)
      eventmachine (>= 1.0.0.beta.4)
    em-synchrony (1.0.4)
      eventmachine (>= 1.0.0.beta.1)
    eventmachine (1.0.7)
    http_parser.rb (0.6.0)
    metaclass (0.0.4)
    method_source (0.8.2)
    minitest (5.7.0)
    minitest-matchers (1.4.1)
      minitest (~> 5.0)
    mocha (1.1.0)
      metaclass (~> 0.0.1)
    pry (0.10.1)
      coderay (~> 1.1.0)
      method_source (~> 0.8.1)
      slop (~> 3.4)
    rack (1.6.1)
    rack-test (0.6.3)
      rack (>= 1.0)
    rake (10.4.2)
    slop (3.6.0)

PLATFORMS
  ruby

DEPENDENCIES
  em-http-request (~> 1.1.1)
  em-synchrony (~> 1.0.3)
  eventmachine (~> 1.0.3)
  minitest
  minitest-matchers
  mocha
  pry
  rack-test
  rake
